GEM
  remote: https://rubygems.org/
  specs:
    activesupport (4.2.7)
      i18n (~> 0.7)
      json (~> 1.7, >= 1.7.7)
      minitest (~> 5.1)
      thread_safe (~> 0.3, >= 0.3.4)
      tzinfo (~> 1.1)
    addressable (2.3.8)
    bson (4.1.1)
    coderay (1.1.1)
    colored (1.2)
    faraday (0.9.2)
      multipart-post (>= 1.2, < 3)
    faraday_middleware (0.10.0)
      faraday (>= 0.7.4, < 0.10)
    i18n (0.7.0)
    json (1.8.3)
    json-schema (2.6.2)
      addressable (~> 2.3.8)
    mail (2.6.4)
      mime-types (>= 1.16, < 4)
    method_source (0.8.2)
    mime-types (3.1)
      mime-types-data (~> 3.2015)
    mime-types-data (3.2016.0521)
    minitest (5.9.0)
    mongo (2.2.6)
      bson (~> 4.0)
      pry
    multipart-post (2.0.0)
    oj (2.17.1)
    pg (0.17.1)
    pry (0.10.4)
      coderay (~> 1.1.0)
      method_source (~> 0.8.1)
      slop (~> 3.4)
    pupa (0.2.4)
      activesupport (~> 4.0)
      colored (~> 1.2)
      faraday_middleware (~> 0.10.0)
      json-schema (~> 2.3)
      mail
      mongo (~> 2.0)
      oj (~> 2.1)
      pg (~> 0.17.0)
      sequel (~> 4.10.0)
    sequel (4.10.0)
    slop (3.6.0)
    thread_safe (0.3.5)
    tzinfo (1.2.2)
      thread_safe (~> 0.1)

PLATFORMS
  ruby

DEPENDENCIES
  pupa

BUNDLED WITH
   1.11.2
